GEM
  remote: https://rubygems.org/
  specs:
    alexa_rubykit (1.3.0)
      bundler (~> 1.7)
      rake
    faker (1.7.3)
      i18n (~> 0.5)
    i18n (0.8.1)
    mustermann (1.0.0)
    puma (3.9.1)
    rack (2.0.3)
    rack-protection (2.0.0)
      rack
    rake (12.0.0)
    shotgun (0.9.2)
      rack (>= 1.0)
    sinatra (2.0.0)
      mustermann (~> 1.0)
      rack (~> 2.0)
      rack-protection (= 2.0.0)
      tilt (~> 2.0)
    tilt (2.0.7)

PLATFORMS
  ruby

DEPENDENCIES
  alexa_rubykit
  faker
  puma
  shotgun
  sinatra

BUNDLED WITH
   1.15.3
